GEM
  remote: https://rubygems.org/
  specs:
    addressable (2.8.0)
      public_suffix (>= 2.0.2, < 5.0)
    ansi (1.5.0)
    ast (2.4.0)
    async (1.24.2)
      console (~> 1.0)
      nio4r (~> 2.3)
      timers (~> 4.1)
    async-http (0.49.1)
      async (~> 1.23)
      async-io (~> 1.27.0)
      protocol-http (~> 0.13.0)
      protocol-http1 (~> 0.10.0)
      protocol-http2 (~> 0.10.0)
    async-io (1.27.7)
      async (~> 1.14)
    async-websocket (0.13.1)
      async-http (~> 0.43)
      async-io (~> 1.23)
      protocol-websocket (~> 0.7.0)
    bootsnap (1.4.6)
      msgpack (~> 1.0)
    concurrent-ruby (1.1.6)
    connection_pool (2.2.2)
    console (1.8.2)
    css_parser (1.7.1)
      addressable
    dotenv (2.7.5)
    dry-configurable (0.11.5)
      concurrent-ruby (~> 1.0)
      dry-core (~> 0.4, >= 0.4.7)
      dry-equalizer (~> 0.2)
    dry-container (0.7.2)
      concurrent-ruby (~> 1.0)
      dry-configurable (~> 0.1, >= 0.1.3)
    dry-core (0.4.9)
      concurrent-ruby (~> 1.0)
    dry-equalizer (0.3.0)
    dry-inflector (0.2.0)
    dry-logic (1.0.6)
      concurrent-ruby (~> 1.0)
      dry-core (~> 0.2)
      dry-equalizer (~> 0.2)
    dry-types (1.4.0)
      concurrent-ruby (~> 1.0)
      dry-container (~> 0.3)
      dry-core (~> 0.4, >= 0.4.4)
      dry-equalizer (~> 0.3)
      dry-inflector (~> 0.1, >= 0.1.2)
      dry-logic (~> 1.0, >= 1.0.2)
    equatable (0.6.1)
    execjs (2.7.0)
    ffi (1.12.2)
    filewatcher (1.1.1)
      optimist (~> 3.0)
    htmlentities (4.3.4)
    json (2.3.0)
    libv8 (7.3.492.27.1)
    mail (2.7.1)
      mini_mime (>= 0.1.1)
    method_source (0.9.2)
    mini_mime (1.0.2)
    mini_racer (0.2.9)
      libv8 (>= 6.9.411)
    msgpack (1.3.3)
    multipart-parser (0.1.1)
    nio4r (2.5.2)
    oga (2.16)
      ast
      ruby-ll (~> 2.1)
    optimist (3.0.0)
    pakyow (1.0.5)
      pakyow-assets (= 1.0.5)
      pakyow-core (= 1.0.5)
      pakyow-data (= 1.0.5)
      pakyow-form (= 1.0.5)
      pakyow-mailer (= 1.0.5)
      pakyow-presenter (= 1.0.5)
      pakyow-realtime (= 1.0.5)
      pakyow-reflection (= 1.0.5)
      pakyow-routing (= 1.0.5)
      pakyow-support (= 1.0.5)
      pakyow-ui (= 1.0.5)
    pakyow-assets (1.0.5)
      async-http (~> 0.49.0)
      execjs (~> 2.7)
      mini_mime (~> 1.0)
      mini_racer (~> 0.2.6)
      pakyow-core (= 1.0.5)
      pakyow-presenter (= 1.0.5)
      pakyow-routing (= 1.0.5)
      pakyow-support (= 1.0.5)
      sassc (~> 2.2)
      source_map (~> 3.0)
      uglifier (~> 4.2)
    pakyow-core (1.0.5)
      async (~> 1.23)
      async-http (~> 0.49.0)
      async-io (~> 1.27)
      bundler (>= 1.17)
      console (~> 1.5)
      dry-types (~> 1.2)
      filewatcher (~> 1.1)
      method_source (~> 0.9.2)
      mini_mime (~> 1.0)
      multipart-parser (~> 0.1.1)
      pakyow-support (= 1.0.5)
      process-group (~> 1.1)
      rake (~> 13.0)
    pakyow-data (1.0.5)
      concurrent-ruby (~> 1.1)
      connection_pool (~> 2.2)
      dry-types (~> 1.2)
      pakyow-core (= 1.0.5)
      pakyow-support (= 1.0.5)
      redis (~> 4.1)
      sequel (~> 5.26)
    pakyow-form (1.0.5)
      pakyow-core (= 1.0.5)
      pakyow-data (= 1.0.5)
      pakyow-presenter (= 1.0.5)
      pakyow-routing (= 1.0.5)
      pakyow-support (= 1.0.5)
    pakyow-mailer (1.0.5)
      css_parser (~> 1.7)
      htmlentities (~> 4.3)
      mail (~> 2.7)
      oga (~> 2.15)
      pakyow-assets (= 1.0.5)
      pakyow-core (= 1.0.5)
      pakyow-presenter (= 1.0.5)
      pakyow-routing (= 1.0.5)
      pakyow-support (= 1.0.5)
    pakyow-presenter (1.0.5)
      oga (~> 2.15)
      pakyow-core (= 1.0.5)
      pakyow-routing (= 1.0.5)
      pakyow-support (= 1.0.5)
      redcarpet (~> 3.5)
    pakyow-realtime (1.0.5)
      async-websocket (~> 0.13.1)
      concurrent-ruby (~> 1.1)
      pakyow-core (= 1.0.5)
      pakyow-presenter (= 1.0.5)
      pakyow-routing (= 1.0.5)
      pakyow-support (= 1.0.5)
      redis (~> 4.1)
    pakyow-reflection (1.0.5)
      pakyow-core (= 1.0.5)
      pakyow-data (= 1.0.5)
      pakyow-form (= 1.0.5)
      pakyow-presenter (= 1.0.5)
      pakyow-support (= 1.0.5)
    pakyow-routing (1.0.5)
      pakyow-core (= 1.0.5)
      pakyow-support (= 1.0.5)
    pakyow-support (1.0.5)
      concurrent-ruby (~> 1.1)
      dry-inflector (~> 0.2.0)
      pastel (~> 0.7.3)
      tty-command (~> 0.9.0)
      tty-spinner (~> 0.9.1)
    pakyow-ui (1.0.5)
      concurrent-ruby (~> 1.1)
      pakyow-core (= 1.0.5)
      pakyow-data (= 1.0.5)
      pakyow-presenter (= 1.0.5)
      pakyow-realtime (= 1.0.5)
      pakyow-routing (= 1.0.5)
      pakyow-support (= 1.0.5)
    pastel (0.7.3)
      equatable (~> 0.6)
      tty-color (~> 0.5)
    pg (1.2.3)
    process-group (1.2.1)
      process-terminal (~> 0.2.0)
    process-terminal (0.2.0)
      ffi
    protocol-hpack (1.4.2)
    protocol-http (0.13.1)
    protocol-http1 (0.10.2)
      protocol-http (~> 0.13)
    protocol-http2 (0.10.4)
      protocol-hpack (~> 1.4)
      protocol-http (~> 0.2)
    protocol-websocket (0.7.4)
      protocol-http (~> 0.2)
      protocol-http1 (~> 0.2)
    public_suffix (4.0.6)
    rake (13.0.1)
    redcarpet (3.5.0)
    redis (4.1.3)
    ruby-ll (2.1.2)
      ansi
      ast
    sassc (2.2.1)
      ffi (~> 1.9)
    sequel (5.31.0)
    source_map (3.0.1)
      json
    sqlite3 (1.4.2)
    timers (4.3.0)
    tty-color (0.5.1)
    tty-command (0.9.0)
      pastel (~> 0.7.0)
    tty-cursor (0.7.1)
    tty-spinner (0.9.3)
      tty-cursor (~> 0.7)
    uglifier (4.2.0)
      execjs (>= 0.3.0, < 3)

PLATFORMS
  ruby

DEPENDENCIES
  bootsnap
  dotenv
  pakyow (~> 1.0.0)
  pg
  sqlite3

RUBY VERSION
   ruby 2.6.5p114

BUNDLED WITH
   2.1.4
