GEM
  remote: https://rubygems.org/
  specs:
    addressable (2.6.0)
      public_suffix (>= 2.0.2, < 4.0)
    ansi (1.5.0)
    ast (2.4.0)
    async (1.20.1)
      console (~> 1.0)
      nio4r (~> 2.3)
      timers (~> 4.1)
    async-http (0.46.4)
      async (~> 1.19)
      async-io (~> 1.24)
      protocol-http (~> 0.10.0)
      protocol-http1 (~> 0.8.0)
      protocol-http2 (~> 0.9.0)
    async-io (1.24.0)
      async (~> 1.14)
    async-websocket (0.13.1)
      async-http (~> 0.43)
      async-io (~> 1.23)
      protocol-websocket (~> 0.7.0)
    bootsnap (1.4.4)
      msgpack (~> 1.0)
    concurrent-ruby (1.1.5)
    connection_pool (2.2.2)
    console (1.4.0)
    css_parser (1.7.0)
      addressable
    domain_name (0.5.20190701)
      unf (>= 0.0.5, < 1.0.0)
    dotenv (2.7.4)
    dry-configurable (0.8.3)
      concurrent-ruby (~> 1.0)
      dry-core (~> 0.4, >= 0.4.7)
    dry-container (0.7.2)
      concurrent-ruby (~> 1.0)
      dry-configurable (~> 0.1, >= 0.1.3)
    dry-core (0.4.8)
      concurrent-ruby (~> 1.0)
    dry-equalizer (0.2.2)
    dry-inflector (0.1.2)
    dry-logic (1.0.2)
      concurrent-ruby (~> 1.0)
      dry-core (~> 0.2)
      dry-equalizer (~> 0.2)
    dry-types (1.1.0)
      concurrent-ruby (~> 1.0)
      dry-container (~> 0.3)
      dry-core (~> 0.4, >= 0.4.4)
      dry-equalizer (~> 0.2, >= 0.2.2)
      dry-inflector (~> 0.1, >= 0.1.2)
      dry-logic (~> 1.0, >= 1.0.2)
    equatable (0.6.1)
    execjs (2.7.0)
    ffi (1.11.1)
    filewatcher (1.1.1)
      optimist (~> 3.0)
    htmlentities (4.3.4)
    http (4.1.1)
      addressable (~> 2.3)
      http-cookie (~> 1.0)
      http-form_data (~> 2.0)
      http_parser.rb (~> 0.6.0)
    http-cookie (1.0.3)
      domain_name (~> 0.5)
    http-form_data (2.1.1)
    http_parser.rb (0.6.0)
    json (2.2.0)
    libv8 (7.3.492.27.1)
    mail (2.7.1)
      mini_mime (>= 0.1.1)
    method_source (0.9.2)
    mini_mime (1.0.2)
    mini_racer (0.2.6)
      libv8 (>= 6.9.411)
    msgpack (1.3.0)
    multipart-parser (0.1.1)
    nio4r (2.4.0)
    oga (2.15)
      ast
      ruby-ll (~> 2.1)
    optimist (3.0.0)
    pakyow (1.0.0)
      pakyow-assets (= 1.0.0)
      pakyow-core (= 1.0.0)
      pakyow-data (= 1.0.0)
      pakyow-form (= 1.0.0)
      pakyow-mailer (= 1.0.0)
      pakyow-presenter (= 1.0.0)
      pakyow-realtime (= 1.0.0)
      pakyow-reflection (= 1.0.0)
      pakyow-routing (= 1.0.0)
      pakyow-support (= 1.0.0)
      pakyow-ui (= 1.0.0)
    pakyow-assets (1.0.0)
      execjs (~> 2.7)
      http (~> 4.1)
      mini_mime (~> 1.0)
      mini_racer (~> 0.2.6)
      pakyow-core (= 1.0.0)
      pakyow-presenter (= 1.0.0)
      pakyow-routing (= 1.0.0)
      pakyow-support (= 1.0.0)
      sassc (~> 2.0)
      source_map (~> 3.0)
      uglifier (~> 4.1)
    pakyow-core (1.0.0)
      async (~> 1.19)
      async-http (~> 0.46.3)
      async-io (~> 1.23)
      bundler (>= 1.17)
      console (~> 1.4)
      dry-types (~> 1.1)
      filewatcher (~> 1.1)
      method_source (~> 0.9)
      mini_mime (~> 1.0)
      multipart-parser (~> 0.1.1)
      pakyow-support (= 1.0.0)
      process-group (~> 1.1)
      rake (~> 12.3)
    pakyow-data (1.0.0)
      concurrent-ruby (~> 1.1)
      connection_pool (~> 2.2)
      dry-types (~> 1.1)
      pakyow-core (= 1.0.0)
      pakyow-support (= 1.0.0)
      redis (~> 4.1)
      sequel (~> 5.22)
    pakyow-form (1.0.0)
      pakyow-core (= 1.0.0)
      pakyow-data (= 1.0.0)
      pakyow-presenter (= 1.0.0)
      pakyow-routing (= 1.0.0)
      pakyow-support (= 1.0.0)
    pakyow-mailer (1.0.0)
      css_parser (~> 1.7)
      htmlentities (~> 4.3)
      mail (~> 2.7)
      oga (~> 2.15)
      pakyow-assets (= 1.0.0)
      pakyow-core (= 1.0.0)
      pakyow-presenter (= 1.0.0)
      pakyow-routing (= 1.0.0)
      pakyow-support (= 1.0.0)
    pakyow-presenter (1.0.0)
      oga (~> 2.15)
      pakyow-core (= 1.0.0)
      pakyow-routing (= 1.0.0)
      pakyow-support (= 1.0.0)
      redcarpet (~> 3.4)
    pakyow-realtime (1.0.0)
      async-websocket (~> 0.13)
      concurrent-ruby (~> 1.1)
      pakyow-core (= 1.0.0)
      pakyow-presenter (= 1.0.0)
      pakyow-routing (= 1.0.0)
      pakyow-support (= 1.0.0)
      redis (~> 4.1)
    pakyow-reflection (1.0.0)
      pakyow-core (= 1.0.0)
      pakyow-data (= 1.0.0)
      pakyow-form (= 1.0.0)
      pakyow-presenter (= 1.0.0)
      pakyow-support (= 1.0.0)
    pakyow-routing (1.0.0)
      pakyow-core (= 1.0.0)
      pakyow-support (= 1.0.0)
    pakyow-support (1.0.0)
      concurrent-ruby (~> 1.1)
      dry-inflector (~> 0.1)
      pastel (~> 0.7)
      tty-command (~> 0.8)
      tty-spinner (~> 0.9)
    pakyow-ui (1.0.0)
      concurrent-ruby (~> 1.1)
      pakyow-core (= 1.0.0)
      pakyow-data (= 1.0.0)
      pakyow-presenter (= 1.0.0)
      pakyow-realtime (= 1.0.0)
      pakyow-routing (= 1.0.0)
      pakyow-support (= 1.0.0)
    pastel (0.7.3)
      equatable (~> 0.6)
      tty-color (~> 0.5)
    pg (1.1.4)
    process-group (1.1.0)
    protocol-hpack (1.4.1)
    protocol-http (0.10.0)
    protocol-http1 (0.8.3)
      protocol-http (~> 0.5)
    protocol-http2 (0.9.4)
      protocol-hpack (~> 1.4)
      protocol-http (~> 0.2)
    protocol-websocket (0.7.3)
      protocol-http (~> 0.2)
      protocol-http1 (~> 0.2)
    public_suffix (3.1.1)
    rake (12.3.2)
    redcarpet (3.4.0)
    redis (4.1.2)
    ruby-ll (2.1.2)
      ansi
      ast
    sassc (2.0.1)
      ffi (~> 1.9)
      rake
    sequel (5.22.0)
    source_map (3.0.1)
      json
    sqlite3 (1.4.1)
    timers (4.3.0)
    tty-color (0.5.0)
    tty-command (0.8.2)
      pastel (~> 0.7.0)
    tty-cursor (0.7.0)
    tty-spinner (0.9.1)
      tty-cursor (~> 0.7)
    uglifier (4.1.20)
      execjs (>= 0.3.0, < 3)
    unf (0.1.4)
      unf_ext
    unf_ext (0.0.7.6)

PLATFORMS
  ruby

DEPENDENCIES
  bootsnap
  dotenv
  pakyow (~> 1.0.0)
  pg
  sqlite3

RUBY VERSION
   ruby 2.6.3p62

BUNDLED WITH
   2.0.2
